GIT
  remote: git://github.com/intridea/grape.git
  revision: 5dee703b9195300c3c1daf1a6461b7af1519fce0
  specs:
    grape (0.2.5)
      activesupport
      builder
      hashie (~> 1.2)
      multi_json (>= 1.3.2)
      multi_xml
      rack
      rack-accept
      rack-mount
      virtus

GEM
  remote: https://rubygems.org/
  specs:
    activesupport (3.2.10)
      i18n (~> 0.6)
      multi_json (~> 1.0)
    addressable (2.3.2)
    amq-client (0.9.10)
      amq-protocol (>= 0.9.4)
      eventmachine
    amq-protocol (1.0.1)
    amqp (0.9.8)
      amq-client (~> 0.9.5)
      amq-protocol (>= 0.9.4)
      eventmachine
    async-rack (0.5.1)
      rack (~> 1.1)
    backports (2.6.5)
    bson (1.8.1)
    bson_ext (1.8.1)
      bson (~> 1.8.1)
    builder (3.1.4)
    columnize (0.3.6)
    config_parser (0.5.5)
    configurable (1.0.0)
      config_parser (~> 0.5.4)
      lazydoc (~> 1.0)
    daemons (1.1.9)
    debugger (1.2.3)
      columnize (>= 0.3.1)
      debugger-linecache (~> 1.1.1)
      debugger-ruby_core_source (~> 1.1.5)
    debugger-linecache (1.1.2)
      debugger-ruby_core_source (>= 1.1.1)
    debugger-ruby_core_source (1.1.6)
    descendants_tracker (0.0.1)
    diff-lcs (1.1.3)
    em-mongo (0.4.3)
      bson (>= 1.1.3)
      eventmachine (>= 0.12.10)
    em-synchrony (1.0.2)
      eventmachine (>= 1.0.0.beta.1)
    em-websocket (0.3.8)
      addressable (>= 2.1.1)
      eventmachine (>= 0.12.9)
    eventmachine (1.0.0)
    foreman (0.60.2)
      thor (>= 0.13.6)
    goliath (1.0.1)
      async-rack
      em-synchrony (>= 1.0.0)
      em-websocket
      eventmachine (>= 1.0.0.beta.4)
      http_parser.rb (= 0.5.3)
      log4r
      multi_json
      rack (>= 1.2.2)
      rack-contrib
      rack-respond_to
    hashie (1.2.0)
    http_parser.rb (0.5.3)
    i18n (0.6.1)
    lazydoc (1.0)
    log4r (1.1.10)
    multi_json (1.5.0)
    multi_xml (0.5.1)
    rack (1.4.2)
    rack-accept (0.4.5)
      rack (>= 0.4)
    rack-accept-media-types (0.9)
    rack-contrib (1.1.0)
      rack (>= 0.9.1)
    rack-mount (0.8.3)
      rack (>= 1.0.0)
    rack-respond_to (0.9.8)
      rack-accept-media-types (>= 0.6)
    rake (10.0.3)
    rspec (2.12.0)
      rspec-core (~> 2.12.0)
      rspec-expectations (~> 2.12.0)
      rspec-mocks (~> 2.12.0)
    rspec-core (2.12.2)
    rspec-expectations (2.12.1)
      diff-lcs (~> 1.1.3)
    rspec-mocks (2.12.1)
    thor (0.16.0)
    virtus (0.5.4)
      backports (~> 2.6.1)
      descendants_tracker (~> 0.0.1)
    yajl-ruby (1.1.0)

PLATFORMS
  ruby

DEPENDENCIES
  amqp
  bson_ext
  configurable
  daemons
  debugger
  em-mongo
  em-synchrony
  foreman
  goliath
  grape!
  rake
  rspec
  yajl-ruby
